PATH
  remote: .
  specs:
    locomotivecms_liquid_extensions (1.0.1)
      locomotivecms-solid (~> 0.2.2.1)
      pony (~> 1.5)

GEM
  remote: http://rubygems.org/
  specs:
    activesupport (3.2.14)
      i18n (~> 0.6, >= 0.6.4)
      multi_json (~> 1.0)
    diff-lcs (1.2.4)
    i18n (0.6.5)
    locomotivecms-liquid (2.6.0)
    locomotivecms-solid (0.2.2.1)
      locomotivecms-liquid (~> 2.6.0)
    mail (2.6.1)
      mime-types (>= 1.16, < 3)
    metaclass (0.0.1)
    mime-types (1.25.1)
    mocha (0.13.3)
      metaclass (~> 0.0.1)
    multi_json (1.7.9)
    pony (1.10)
      mail (>= 2.0)
    rake (10.1.0)
    rspec (2.14.1)
      rspec-core (~> 2.14.0)
      rspec-expectations (~> 2.14.0)
      rspec-mocks (~> 2.14.0)
    rspec-core (2.14.5)
    rspec-expectations (2.14.2)
      diff-lcs (>= 1.1.3, < 2.0)
    rspec-mocks (2.14.3)

PLATFORMS
  ruby

DEPENDENCIES
  activesupport (~> 3)
  locomotivecms_liquid_extensions!
  mocha
  rake
  rspec
